GEM
  remote: https://rubygems.org/
  specs:
    algolia (2.3.0)
      faraday (>= 0.15, < 3)
      faraday-net_http_persistent (>= 0.15, < 3)
      multi_json (~> 1.0)
      net-http-persistent
    connection_pool (2.3.0)
    faraday (2.6.0)
      faraday-net_http (>= 2.0, < 3.1)
      ruby2_keywords (>= 0.0.4)
    faraday-net_http (3.0.1)
    faraday-net_http_persistent (2.1.0)
      faraday (~> 2.5)
      net-http-persistent (~> 4.0)
    multi_json (1.15.0)
    net-http-persistent (4.0.1)
      connection_pool (~> 2.2)
    paint (2.3.0)
    ruby2_keywords (0.0.5)
    unicode-display_width (2.3.0)
    whirly (0.3.0)
      unicode-display_width (>= 1.1)

PLATFORMS
  arm64-darwin-22
  x86_64-darwin-20

DEPENDENCIES
  algolia
  paint
  whirly

RUBY VERSION
   ruby 3.1.0p0

BUNDLED WITH
   2.3.3
